GEM
  remote: https://rubygems.org/
  specs:
    rack (3.1.16)
    rackup (2.2.1)
      rack (>= 3)

PLATFORMS
  ruby

DEPENDENCIES
  rackup

BUNDLED WITH
   1.17.2
